PATH
  remote: .
  specs:
    apgdb (0.1.3-java)
      sequel (~> 5.35, >= 5.35.0)

GEM
  remote: https://rubygems.org/
  specs:
    minitest (5.14.1)
    rake (12.3.3)
    sequel (5.35.0)

PLATFORMS
  java

DEPENDENCIES
  apgdb!
  minitest (~> 5.0)
  rake (~> 12.0)

BUNDLED WITH
   2.1.4
